PATH
  remote: .
  specs:
    fluent-plugin-statsd (1.0.2)
      fluentd (>= 0.10.8)

GEM
  remote: http://rubygems.org/
  specs:
    coderay (1.1.1)
    cool.io (1.4.4)
    fluentd (0.14.1)
      cool.io (>= 1.4.3, < 2.0.0)
      http_parser.rb (>= 0.5.1, < 0.7.0)
      json (>= 1.4.3)
      msgpack (>= 0.7.0)
      serverengine (>= 1.6.4)
      sigdump (~> 0.2.2)
      strptime (>= 0.1.7)
      tzinfo (>= 1.0.0)
      tzinfo-data (>= 1.0.0)
      yajl-ruby (~> 1.0)
    http_parser.rb (0.6.0)
    json (2.0.1)
    method_source (0.8.2)
    msgpack (1.0.0)
    power_assert (0.3.0)
    pry (0.10.4)
      coderay (~> 1.1.0)
      method_source (~> 0.8.1)
      slop (~> 3.4)
    rake (11.1.2)
    serverengine (1.6.4)
      sigdump (~> 0.2.2)
    sigdump (0.2.4)
    slop (3.6.0)
    statsd-ruby (1.3.0)
    strptime (0.1.8)
    test-unit (3.1.8)
      power_assert
    thread_safe (0.3.5)
    tzinfo (1.2.2)
      thread_safe (~> 0.1)
    tzinfo-data (1.2016.6)
      tzinfo (>= 1.0.0)
    yajl-ruby (1.2.1)

PLATFORMS
  ruby

DEPENDENCIES
  fluent-plugin-statsd!
  pry
  rake (>= 0.9.2)
  statsd-ruby
  test-unit

BUNDLED WITH
   1.10.6
